GEM
  remote: https://rubygems.org/
  specs:
    image_size (2.0.0)
    rake (11.3.0)
    review (3.1.0)
      image_size
      rouge
      rubyzip
    rouge (3.3.0)
    rubyzip (1.2.2)

PLATFORMS
  ruby

DEPENDENCIES
  rake
  review (= 3.1.0)

BUNDLED WITH
   1.16.2
